PATH
  remote: .
  specs:
    imgkit (1.6.2)

GEM
  remote: https://rubygems.org/
  specs:
    diff-lcs (1.1.2)
    mocha (0.9.12)
    rack (2.0.6)
    rake (0.9.2.2)
    rspec (2.6.0)
      rspec-core (~> 2.6.0)
      rspec-expectations (~> 2.6.0)
      rspec-mocks (~> 2.6.0)
    rspec-core (2.6.4)
    rspec-expectations (2.6.0)
      diff-lcs (~> 1.1.2)
    rspec-mocks (2.6.0)

PLATFORMS
  ruby

DEPENDENCIES
  imgkit!
  mocha
  rack (>= 1.6.11)
  rake
  rspec (~> 2)
  rspec-core (~> 2)

BUNDLED WITH
   2.1.4
